GEM
  remote: http://rubygems.org/
  specs:
    metaclass (0.0.1)
    mocha (0.11.4)
      metaclass (~> 0.0.1)
    rake (0.9.2.2)

PLATFORMS
  java

DEPENDENCIES
  mocha
  rake
