GEM
  remote: http://rubygems.org/
  specs:
    metaclass (0.0.1)
    mocha (0.14.0)
      metaclass (~> 0.0.1)
    rake (0.9.2.2)
    ramcrest (0.1.0)

PLATFORMS
  java

DEPENDENCIES
  mocha
  rake
  ramcrest
