GEM
  remote: http://rubygems.org/
  specs:
    countdownlatch (1.0.0)
    metaclass (0.0.1)
    mocha (0.14.0)
      metaclass (~> 0.0.1)
    rake (12.3.3)
    ramcrest (0.1.0)

PLATFORMS
  java
  ruby

DEPENDENCIES
  countdownlatch
  mocha
  rake
  ramcrest
